GEM
  remote: https://rubygems.org/
  specs:
    dotenv (2.2.1)
    mqtt (0.5.0)

PLATFORMS
  ruby

DEPENDENCIES
  dotenv
  mqtt

BUNDLED WITH
   1.16.0.pre.3
